GEM
  remote: https://rubygems.org/
  specs:
    foreman (0.86.0)
    mustermann (1.0.3)
    nio4r (2.5.2)
    nio4r (2.5.2-java)
    puma (4.3.5)
      nio4r (~> 2.0)
    puma (4.3.5-java)
      nio4r (~> 2.0)
    rack (2.2.3.1)
    rack-protection (2.0.7)
      rack
    sinatra (2.0.7)
      mustermann (~> 1.0)
      rack (~> 2.0)
      rack-protection (= 2.0.7)
      tilt (~> 2.0)
    tilt (2.0.10)

PLATFORMS
  java
  ruby

DEPENDENCIES
  foreman
  puma
  sinatra

BUNDLED WITH
   2.0.2
